GIT
  remote: git://github.com/ghempton/ember-script-rails.git
  revision: 9a1f09b0c53bf51c37c35490cc76cd7dfe461234
  specs:
    ember_script-rails (0.0.3)
      ember_script (>= 0.0.4)
      rails

GIT
  remote: git://github.com/resque/resque.git
  revision: 592da7d0f2d269d1fa5985055f70b3defe2a9179
  specs:
    resque (2.0.0.pre.1)
      json
      mono_logger (~> 1.0)
      redis-namespace (>= 1.3.0)
      thor (~> 0.17)

PATH
  remote: /home/shinka/workspace/functional_support
  specs:
    functional_support (0.0.5)
      activesupport (>= 2.3)

GEM
  remote: https://rubygems.org/
  specs:
    actionmailer (4.1.1)
      actionpack (= 4.1.1)
      actionview (= 4.1.1)
      mail (~> 2.5.4)
    actionpack (4.1.1)
      actionview (= 4.1.1)
      activesupport (= 4.1.1)
      rack (~> 1.5.2)
      rack-test (~> 0.6.2)
    actionview (4.1.1)
      activesupport (= 4.1.1)
      builder (~> 3.1)
      erubis (~> 2.7.0)
    active_model_serializers (0.8.1)
      activemodel (>= 3.0)
    activemodel (4.1.1)
      activesupport (= 4.1.1)
      builder (~> 3.1)
    activerecord (4.1.1)
      activemodel (= 4.1.1)
      activesupport (= 4.1.1)
      arel (~> 5.0.0)
    activesupport (4.1.1)
      i18n (~> 0.6, >= 0.6.9)
      json (~> 1.7, >= 1.7.7)
      minitest (~> 5.1)
      thread_safe (~> 0.1)
      tzinfo (~> 1.1)
    annotate (2.6.3)
      activerecord (>= 2.3.0)
      rake (>= 0.8.7)
    arel (5.0.1.20140414130214)
    barber (0.4.2)
      ember-source
      execjs
      handlebars-source
    barber-emblem (0.1.1)
      barber (>= 0.4.1)
      emblem-source
    bcrypt (3.1.7)
    bcrypt-ruby (3.1.5)
      bcrypt (>= 3.1.3)
    bluecloth (2.2.0)
    bootstrap-sass (3.1.0.2)
      sass (~> 3.2)
    builder (3.2.2)
    capybara (2.2.1)
      mime-types (>= 1.16)
      nokogiri (>= 1.3.3)
      rack (>= 1.0.0)
      rack-test (>= 0.5.4)
      xpath (~> 2.0)
    childprocess (0.5.3)
      ffi (~> 1.0, >= 1.0.11)
    chunky_png (1.3.1)
    climate_control (0.0.3)
      activesupport (>= 3.0)
    cocaine (0.5.4)
      climate_control (>= 0.0.3, < 1.0)
    coffee-rails (4.0.1)
      coffee-script (>= 2.2.0)
      railties (>= 4.0.0, < 5.0)
    coffee-script (2.2.0)
      coffee-script-source
      execjs
    coffee-script-source (1.7.0)
    compass (0.12.6)
      chunky_png (~> 1.2)
      fssm (>= 0.2.7)
      sass (~> 3.2.19)
    compass-rails (1.1.7)
      compass (>= 0.12.2)
      sprockets (<= 2.11.0)
    decent_exposure (2.3.2)
    devise (3.0.4)
      bcrypt-ruby (~> 3.0)
      orm_adapter (~> 0.1)
      railties (>= 3.2.6, < 5)
      warden (~> 1.2.3)
    diff-lcs (1.2.5)
    ember-data-source (1.0.0.beta.7)
      ember-source
    ember-rails (0.15.0)
      active_model_serializers
      barber (>= 0.4.1)
      ember-data-source (>= 1.0.0.beta.5)
      ember-source (>= 1.1.0)
      execjs (>= 1.2)
      handlebars-source (> 1.0.0)
      jquery-rails (>= 1.0.17)
      railties (>= 3.1)
    ember-source (1.5.1.1)
      handlebars-source (~> 1.0)
    ember_script (0.0.5)
      ember_script-source (>= 0.0.2)
      execjs
      tilt
    ember_script-source (0.0.14)
    emblem-rails (0.2.1)
      barber-emblem (~> 0.1.1)
      ember-rails (>= 0.14.0)
    emblem-source (0.3.15)
    erubis (2.7.0)
    execjs (2.1.0)
    ffaker (1.24.0)
    ffi (1.9.3)
    font-awesome-rails (4.1.0.0)
      railties (>= 3.2, < 5.0)
    font-awesome-sass (4.1.0)
      sass (~> 3.2)
    fssm (0.2.10)
    gctools (0.2.3)
    gmail (0.4.0)
      gmail_xoauth (>= 0.3.0)
      mail (>= 2.2.1)
      mime (>= 0.1)
    gmail_xoauth (0.4.1)
      oauth (>= 0.3.6)
    haml (4.0.5)
      tilt
    haml-rails (0.5.3)
      actionpack (>= 4.0.1)
      activesupport (>= 4.0.1)
      haml (>= 3.1, < 5.0)
      railties (>= 4.0.1)
    handlebars-source (1.3.0)
    hike (1.2.3)
    i18n (0.6.9)
    jbuilder (1.5.3)
      activesupport (>= 3.0.0)
      multi_json (>= 1.2.0)
    jquery-rails (3.1.0)
      railties (>= 3.0, < 5.0)
      thor (>= 0.14, < 2.0)
    jquery-ui-rails (4.0.3)
      jquery-rails
      railties (>= 3.1.0)
    jquery-ui-sass-rails (4.0.3.0)
      jquery-rails
      jquery-ui-rails (= 4.0.3)
      railties (>= 3.1.0)
    json (1.8.1)
    kaminari (0.14.1)
      actionpack (>= 3.0.0)
      activesupport (>= 3.0.0)
    kgio (2.9.2)
    kramdown (1.3.3)
    livescript (2.2.0)
      execjs
      livescript-source
    livescript-rails (1.1.0)
      execjs
      livescript
      railties
      tilt
    livescript-source (1.2.0)
    mail (2.5.4)
      mime-types (~> 1.16)
      treetop (~> 1.4.8)
    mime (0.4.1)
    mime-types (1.25.1)
    mini_portile (0.6.0)
    minitest (5.3.4)
    mono_logger (1.1.0)
    multi_json (1.10.1)
    mysql2 (0.3.16)
    nokogiri (1.6.2.1)
      mini_portile (= 0.6.0)
    numbers_and_words (0.10.0)
      activesupport
      i18n
    oauth (0.4.7)
    orm_adapter (0.5.0)
    paperclip (4.1.1)
      activemodel (>= 3.0.0)
      activesupport (>= 3.0.0)
      cocaine (~> 0.5.3)
      mime-types
    paranoia (2.0.2)
      activerecord (~> 4.0)
    polyglot (0.3.5)
    rack (1.5.2)
    rack-test (0.6.2)
      rack (>= 1.0)
    rails (4.1.1)
      actionmailer (= 4.1.1)
      actionpack (= 4.1.1)
      actionview (= 4.1.1)
      activemodel (= 4.1.1)
      activerecord (= 4.1.1)
      activesupport (= 4.1.1)
      bundler (>= 1.3.0, < 2.0)
      railties (= 4.1.1)
      sprockets-rails (~> 2.0)
    railties (4.1.1)
      actionpack (= 4.1.1)
      activesupport (= 4.1.1)
      rake (>= 0.8.7)
      thor (>= 0.18.1, < 2.0)
    raindrops (0.13.0)
    rake (10.3.2)
    rdoc (4.1.1)
      json (~> 1.4)
    redis (3.0.7)
    redis-namespace (1.4.1)
      redis (~> 3.0.4)
    rspec (2.14.1)
      rspec-core (~> 2.14.0)
      rspec-expectations (~> 2.14.0)
      rspec-mocks (~> 2.14.0)
    rspec-core (2.14.8)
    rspec-expectations (2.14.5)
      diff-lcs (>= 1.1.3, < 2.0)
    rspec-mocks (2.14.6)
    rspec-rails (2.14.2)
      actionpack (>= 3.0)
      activemodel (>= 3.0)
      activesupport (>= 3.0)
      railties (>= 3.0)
      rspec-core (~> 2.14.0)
      rspec-expectations (~> 2.14.0)
      rspec-mocks (~> 2.14.0)
    rubyzip (1.1.4)
    sass (3.2.19)
    sass-rails (4.0.3)
      railties (>= 4.0.0, < 5.0)
      sass (~> 3.2.0)
      sprockets (~> 2.8, <= 2.11.0)
      sprockets-rails (~> 2.0)
    sdoc (0.4.0)
      json (~> 1.8)
      rdoc (~> 4.0, < 5.0)
    selenium-webdriver (2.41.0)
      childprocess (>= 0.5.0)
      multi_json (~> 1.0)
      rubyzip (~> 1.0)
      websocket (~> 1.0.4)
    simplecov (0.7.1)
      multi_json (~> 1.0)
      simplecov-html (~> 0.7.1)
    simplecov-html (0.7.1)
    spring (1.1.3)
    sprockets (2.11.0)
      hike (~> 1.2)
      multi_json (~> 1.0)
      rack (~> 1.0)
      tilt (~> 1.1, != 1.3.0)
    sprockets-rails (2.1.3)
      actionpack (>= 3.0)
      activesupport (>= 3.0)
      sprockets (~> 2.8)
    squash_rails (1.3.3)
      squash_ruby
    squash_ruby (1.4.0)
      json
    stringex (2.1.2)
    thor (0.19.1)
    thread_safe (0.3.4)
    tilt (1.4.1)
    treetop (1.4.15)
      polyglot
      polyglot (>= 0.3.1)
    turbolinks (2.2.2)
      coffee-rails
    tzinfo (1.2.0)
      thread_safe (~> 0.1)
    uglifier (2.5.0)
      execjs (>= 0.3.0)
      json (>= 1.8.0)
    unicorn (4.8.3)
      kgio (~> 2.6)
      rack
      raindrops (~> 0.7)
    warden (1.2.3)
      rack (>= 1.0)
    websocket (1.0.7)
    xpath (2.0.0)
      nokogiri (~> 1.3)

PLATFORMS
  ruby

DEPENDENCIES
  annotate (>= 2.5.0.pre1)
  bluecloth (~> 2.2.0)
  bootstrap-sass (~> 3.1.0.2)
  capybara (~> 2.2.1)
  coffee-rails (~> 4.0.1)
  compass-rails (~> 1.1.7)
  decent_exposure (~> 2.3.1)
  devise (~> 3.0.1)
  ember-rails
  ember-source (~> 1.5.1.1)
  ember_script-rails!
  emblem-rails (~> 0.2.1)
  ffaker (>= 1.20.0)
  font-awesome-rails (~> 4.1.0.0)
  font-awesome-sass (~> 4.1.0.0)
  functional_support (>= 0.0.5)!
  gctools (~> 0.2.3)
  gmail (~> 0.4.0)
  haml (~> 4.0.0)
  haml-rails (~> 0.4)
  jbuilder (~> 1.2)
  jquery-rails
  jquery-ui-sass-rails
  kaminari (~> 0.14.1)
  kramdown (~> 1.3.1)
  livescript-rails
  mysql2
  numbers_and_words (~> 0.10.0)
  paperclip (~> 4.1.1)
  paranoia (~> 2.0)
  rails (~> 4.1.1)
  resque (~> 2.0.0.pre.1)!
  rspec (~> 2.14.1)
  rspec-rails (~> 2.14.2)
  sass-rails (~> 4.0.3)
  sdoc
  selenium-webdriver (~> 2.41.0)
  simplecov (~> 0.7.1)
  spring
  squash_rails (~> 1.3.2)
  squash_ruby (~> 1.4.0)
  stringex (~> 2.1.2)
  turbolinks
  uglifier (>= 1.3.0)
  unicorn (~> 4.8.1)
